GEM
  remote: http://rubygems.org/
  specs:
    curb (0.8.1)
    json (1.5.1)
    macaddr (1.6.1)
      systemu (~> 2.5.0)
    systemu (2.5.2)
    uuid (2.3.7)
      macaddr (~> 1.0)

PLATFORMS
  ruby

DEPENDENCIES
  curb
  json
  uuid
